GIT
  remote: git://github.com/garethr/librarian-puppet.git
  revision: 0a115222d20915db36f7046d5cb50d61590b4bf9
  branch: forge-release-candidates
  specs:
    librarian-puppet (0.9.7)
      json
      puppet
      thor (~> 0.15)

GEM
  remote: https://rubygems.org/
  specs:
    facter (1.6.17)
    hiera (1.1.2)
      json_pure
    json (1.7.6)
    json_pure (1.7.6)
    puppet (3.1.0)
      facter (~> 1.6)
      hiera (~> 1.0)
    thor (0.17.0)

PLATFORMS
  ruby

DEPENDENCIES
  librarian-puppet!
